GIT
  remote: https://github.com/trevorrowe/yard.git
  revision: 58a5bd878e08889d26a8e01df1334b5d93821adc
  branch: frameless
  specs:
    yard (0.8.7.6)

GEM
  remote: https://rubygems.org/
  specs:
    coveralls (0.8.0)
      multi_json (~> 1.10)
      rest-client (>= 1.6.8, < 2)
      simplecov (~> 0.9.1)
      term-ansicolor (~> 1.3)
      thor (~> 0.19.1)
    docile (1.1.5)
    domain_name (0.5.24)
      unf (>= 0.0.5, < 1.0.0)
    http-cookie (1.0.2)
      domain_name (~> 0.5)
    mime-types (2.4.3)
    multi_json (1.11.0)
    netrc (0.10.3)
    rdiscount (2.1.8)
    rest-client (1.8.0)
      http-cookie (>= 1.0.2, < 2.0)
      mime-types (>= 1.16, < 3.0)
      netrc (~> 0.7)
    rubyunit (0.4.25)
    simplecov (0.9.2)
      docile (~> 1.1.0)
      multi_json (~> 1.0)
      simplecov-html (~> 0.9.0)
    simplecov-html (0.9.0)
    term-ansicolor (1.3.0)
      tins (~> 1.0)
    thor (0.19.1)
    tins (1.3.5)
    unf (0.1.4)
      unf_ext
    unf_ext (0.0.6)
    yard-sitemap (1.0.1)

PLATFORMS
  ruby

DEPENDENCIES
  coveralls
  rdiscount
  rubyunit
  simplecov
  yard!
  yard-sitemap (~> 1.0)
